GEM
  remote: https://rubygems.org/
  specs:
    RedCloth (4.2.9)
    bibtex-ruby (2.3.4)
      latex-decode (>= 0.0.6)
      multi_json (~> 1.3)
    blankslate (2.1.2.4)
    citeproc-ruby (0.0.6)
      logging (~> 1.5)
      nokogiri (~> 1.5)
    classifier (1.3.4)
      fast-stemmer (>= 1.0.0)
    colorator (0.1)
    commander (4.1.6)
      highline (~> 1.6.11)
    css_press (0.3.2)
      csspool-st (= 3.1.2)
      json
    csspool-st (3.1.2)
    execjs (2.0.2)
    fast-stemmer (1.0.2)
    ffi (1.9.3)
    highline (1.6.21)
    html_press (0.8.2)
      htmlentities
      multi_css (>= 0.1.0)
      multi_js (>= 0.1.0)
    htmlentities (4.3.1)
    jekyll (1.5.1)
      classifier (~> 1.3)
      colorator (~> 0.1)
      commander (~> 4.1.3)
      liquid (~> 2.5.5)
      listen (~> 1.3)
      maruku (= 0.7.0)
      pygments.rb (~> 0.5.0)
      redcarpet (~> 2.3.0)
      safe_yaml (~> 1.0)
      toml (~> 0.1.0)
    jekyll-press (0.2.1)
      html_press (>= 0.8.2)
      jekyll
      multi_css (>= 0.1.0)
      multi_js (>= 0.1.0)
    jekyll-sass (1.2.1)
      colorator (~> 0.1)
      jekyll (>= 0.10.0)
      sass (>= 3.0.0)
    jekyll-scholar (2.0.0)
      bibtex-ruby (~> 2.3)
      citeproc-ruby (~> 0.0.6)
      jekyll (~> 1.0)
    json (1.8.1)
    latex-decode (0.1.1)
      unicode (~> 0.4)
    liquid (2.5.5)
    listen (1.3.1)
      rb-fsevent (>= 0.9.3)
      rb-inotify (>= 0.9)
      rb-kqueue (>= 0.2)
    little-plugger (1.1.3)
    logging (1.8.2)
      little-plugger (>= 1.1.3)
      multi_json (>= 1.8.4)
    maruku (0.7.0)
    mini_portile (0.5.3)
    multi_css (0.1.0)
      css_press
    multi_js (0.1.0)
      uglifier (~> 2)
    multi_json (1.9.2)
    nokogiri (1.6.1)
      mini_portile (~> 0.5.0)
    parslet (1.5.0)
      blankslate (~> 2.0)
    posix-spawn (0.3.8)
    puma (2.8.1)
      rack (>= 1.1, < 2.0)
    pygments.rb (0.5.4)
      posix-spawn (~> 0.3.6)
      yajl-ruby (~> 1.1.0)
    rack (1.5.2)
    rack-contrib (1.1.0)
      rack (>= 0.9.1)
    rack-rewrite (1.5.0)
    rake (10.2.2)
    rb-fsevent (0.9.4)
    rb-inotify (0.9.3)
      ffi (>= 0.5.0)
    rb-kqueue (0.2.2)
      ffi (>= 0.5.0)
    redcarpet (2.3.0)
    safe_yaml (1.0.1)
    sass (3.3.4)
    toml (0.1.1)
      parslet (~> 1.5.0)
    uglifier (2.5.0)
      execjs (>= 0.3.0)
      json (>= 1.8.0)
    unicode (0.4.4.1)
    yajl-ruby (1.1.0)

PLATFORMS
  ruby

DEPENDENCIES
  RedCloth (~> 4.2.2)
  jekyll
  jekyll-press
  jekyll-sass
  jekyll-scholar
  puma
  rack-contrib
  rack-rewrite
  rake
  redcarpet
